GIT
  remote: git://github.com/gma/nesta.git
  revision: 858af82c8b0627f6621ad9fcbcfdb26f7118cd4a
  branch: master
  specs:
    nesta (0.9.13)
      RedCloth (~> 4.2)
      haml (~> 3.1)
      rack (~> 1.1)
      rdiscount (~> 1.6)
      sass (~> 3.1)
      shotgun (>= 0.8)
      sinatra (~> 1.3)

GEM
  remote: http://rubygems.org/
  specs:
    RedCloth (4.2.9)
    haml (3.1.6)
    i18n (0.6.0)
    json (1.7.3)
    mail (2.4.4)
      i18n (>= 0.4.0)
      mime-types (~> 1.16)
      treetop (~> 1.4.8)
    mime-types (1.18)
    nesta-plugin-foldable (0.0.4)
      nesta (>= 0.9.13)
    polyglot (0.3.3)
    pony (1.4)
      mail (> 2.0)
    rack (1.4.1)
    rack-protection (1.2.0)
      rack
    rack-recaptcha (0.6.4)
      json
    rdiscount (1.6.8)
    sass (3.1.19)
    shotgun (0.9)
      rack (>= 1.0)
    sinatra (1.3.2)
      rack (~> 1.3, >= 1.3.6)
      rack-protection (~> 1.2)
      tilt (~> 1.3, >= 1.3.3)
    tilt (1.3.3)
    treetop (1.4.10)
      polyglot
      polyglot (>= 0.3.1)

PLATFORMS
  ruby

DEPENDENCIES
  nesta!
  nesta-plugin-foldable
  pony
  rack-recaptcha
